{
  "AcquisitionMatrixPE": 108,
  "AcquisitionNumber": 1,
  "AcquisitionTime": "12:26:25.125000",
  "BandwidthPerPixelPhaseEncode": 15.964,
  "BaseResolution": 108,
  "BodyPartExamined": "BRAIN",
  "ConsistencyInfo": "N4_VE11C_LATEST_20160120",
  "ConversionSoftware": "dcm2niix",
  "ConversionSoftwareVersion": "v1.0.20180622 GCC6.3.0",
  "DerivedVendorReportedEchoSpacing": 0.000580009,
  "DeviceSerialNumber": "66054",
  "DwellTime": 2.1e-06,
  "EchoTime": 0.031,
  "EchoTrainLength": 95,
  "EffectiveEchoSpacing": 0.000580009,
  "FlipAngle": 64,
  "ImageOrientationPatientDICOM": [0.999688, -0.0240376, 0.00677748, 0.0244318, 0.88498, -0.464988],
  "ImageType": [
    "ORIGINAL",
    "PRIMARY",
    "M",
    "ND",
    "MOSAIC"
],
  "InPlanePhaseEncodingDirectionDICOM": "COL",
  "InstitutionAddress": "Chemin_des_Mines_9_Geneve_District_CH_1211",
  "InstitutionName": "Fondation_Campus_Biotech_Geneva",
  "InstitutionalDepartmentName": "Department",
  "MRAcquisitionType": "2D",
  "MagneticFieldStrength": 3,
  "Manufacturer": "Siemens",
  "ManufacturersModelName": "Prisma",
  "Modality": "MR",
  "MultibandAccelerationFactor": 4,
  "PartialFourier": 0.875,
  "PatientPosition": "HFS",
  "PercentPhaseFOV": 100,
  "PhaseEncodingDirection": "j-",
  "PhaseEncodingSteps": 95,
  "PhaseResolution": 1,
  "PixelBandwidth": 2205,
  "ProcedureStepDescription": "J.DRM_Michael",
  "ProtocolName": "Run6_bold_s4_TR1.28",
  "PulseSequenceDetails": "%SiemensSeq%_ep2d_bold",
  "ReceiveCoilActiveElements": "HC1-7;NC1,2",
  "ReceiveCoilName": "HeadNeck_64",
  "ReconMatrixPE": 108,
  "RepetitionTime": 1.28,
  "SAR": 0.0656048,
  "ScanOptions": "PFP_FS",
  "ScanningSequence": "EP",
  "SequenceName": "_epfid2d1_108",
  "SequenceVariant": "SK",
  "SeriesDescription": "Run6_bold_s4_TR1.28",
  "SeriesNumber": 14,
  "ShimSetting": [-1261, -11620, 6445, 429, 139, -94, -47, 24],
  "SliceThickness": 2,
  "SliceTiming": [0.945, 0, 0.63, 0.08, 0.71, 0.1575, 0.7875, 0.2375, 0.8675, 0.395, 1.025, 0.4725, 1.1025, 0.5525, 1.1825, 0.315, 0.945, 0, 0.63, 0.08, 0.71, 0.1575, 0.7875, 0.2375, 0.8675, 0.395, 1.025, 0.4725, 1.1025, 0.5525, 1.1825, 0.315, 0.945, 0, 0.63, 0.08, 0.71, 0.1575, 0.7875, 0.2375, 0.8675, 0.395, 1.025, 0.4725, 1.1025, 0.5525, 1.1825, 0.315, 0.945, 0, 0.63, 0.08, 0.71, 0.1575, 0.7875, 0.2375, 0.8675, 0.395, 1.025, 0.4725, 1.1025, 0.5525, 1.1825, 0.315],
  "SoftwareVersions": "syngo_MR_E11",
  "SpacingBetweenSlices": 2,
  "StationName": "AWP66054",
  "TaskName": "main",
  "TotalReadoutTime": 0.0620609,
  "TxRefAmp": 259.601,
  "dcmmeta_affine": [
    [-1.9901198148727417, 0.04863745719194412, -0.01035852450877428, 105.16938781738281],
    [0.047852590680122375, 1.7617651224136353, -0.9300176501274109, -69.26219177246094],
    [0.013492203317582607, 0.9256711006164551, 1.770581841468811, -91.74140167236328],
    [0.0, 0.0, 0.0, 1.0]
],
  "dcmmeta_reorient_transform": [
    [0.0, -1.0, 0.0, 107.0],
    [1.0, 0.0, 0.0, 0.0],
    [0.0, 0.0, 1.0, 0.0],
    [0.0, 0.0, 0.0, 1.0]
],
  "dcmmeta_shape": [108, 108, 64, 373],
  "dcmmeta_slice_dim": 2,
  "dcmmeta_version": 0.6,
  "global": {
    "const": {
      "AccessionNumber": "",
      "AcquisitionMatrix": [108, 0, 0, 108],
      "AngioFlag": "N",
      "BitsAllocated": 16,
      "BitsStored": 12,
      "BodyPartExamined": "BRAIN",
      "Columns": 864,
      "EchoNumbers": 1,
      "EchoTime": 31.0,
      "EchoTrainLength": 95,
      "FlipAngle": 64.0,
      "HighBit": 11,
      "ImageOrientationPatient": [0.99968808162804, -0.024037579634, 0.00677747860172, 0.02443183775689, 0.88497965544553, -0.4649882737783],
      "ImagePositionPatient": [-881.02385180944, -767.10559475818, 352.10903559459],
      "ImageType": [
        "ORIGINAL",
        "PRIMARY",
        "M",
        "ND",
        "MOSAIC"
],
      "ImagedNucleus": "1H",
      "ImagingFrequency": 123.257352,
      "InPlanePhaseEncodingDirection": "COL",
      "MRAcquisitionType": "2D",
      "MagneticFieldStrength": 3.0,
      "Manufacturer": "SIEMENS",
      "ManufacturerModelName": "Prisma",
      "Modality": "MR",
      "NumberOfAverages": 1.0,
      "NumberOfPhaseEncodingSteps": 95,
      "PercentPhaseFieldOfView": 100.0,
      "PercentSampling": 100.0,
      "PerformedProcedureStepStartTime": "112135.074000",
      "PhotometricInterpretation": "MONOCHROME2",
      "PixelBandwidth": 2205.0,
      "PixelRepresentation": 0,
      "PixelSpacing": [1.990740776062, 1.990740776062],
      "PositionReferenceIndicator": "",
      "ProtocolName": "Run6_bold_s4_TR1.28",
      "RepetitionTime": 1280.0,
      "Rows": 864,
      "SAR": 0.06560481640429,
      "SamplesPerPixel": 1,
      "ScanOptions": [
        "PFP",
        "FS"
],
      "ScanningSequence": "EP",
      "SequenceName": "*epfid2d1_108",
      "SequenceVariant": "SK",
      "SeriesDescription": "Run6_bold_s4_TR1.28",
      "SeriesNumber": 14,
      "SeriesTime": "122657.030000",
      "SliceLocation": -49.554998331982,
      "SliceThickness": 2.0,
      "SmallestImagePixelValue": 0,
      "SoftwareVersions": "syngo MR E11",
      "SpacingBetweenSlices": 2.0000000160041,
      "SpecificCharacterSet": "ISO_IR 100",
      "StudyID": "1",
      "StudyTime": "112135.014000",
      "TransmitCoilName": "Body",
      "VariableFlipAngleFlag": "N",
      "WindowCenterWidthExplanation": "Algo1",
      "dBdt": 0.0},
