{
  "AcquisitionMatrixPE": 106,
  "AcquisitionNumber": 1,
  "AcquisitionTime": "12:21:57.885000",
  "BaseResolution": 106,
  "BodyPartExamined": "BRAIN",
  "ConsistencyInfo": "N4_VE11C_LATEST_20160120",
  "ConversionSoftware": "dcm2niix",
  "ConversionSoftwareVersion": "v1.0.20180622 GCC6.3.0",
  "DeviceSerialNumber": "66054",
  "DwellTime": 3.3e-06,
  "EchoNumber": 2,
  "EchoTime": 0.00765,
  "FlipAngle": 60,
  "ImageOrientationPatientDICOM": [0.99884, 0.0369958, 0.0308262, -0.0209227, 0.90997, -0.414147],
  "ImageType": [
    "ORIGINAL",
    "PRIMARY",
    "P",
    "ND"
],
  "InPlanePhaseEncodingDirectionDICOM": "COL",
  "InstitutionAddress": "Chemin_des_Mines_9_Geneve_District_CH_1211",
  "InstitutionName": "Fondation_Campus_Biotech_Geneva",
  "InstitutionalDepartmentName": "Department",
  "MRAcquisitionType": "2D",
  "MagneticFieldStrength": 3,
  "Manufacturer": "Siemens",
  "ManufacturersModelName": "Prisma",
  "Modality": "MR",
  "PartialFourier": 1,
  "PatientPosition": "HFS",
  "PercentPhaseFOV": 100,
  "PhaseEncodingDirection": "j-",
  "PhaseEncodingSteps": 106,
  "PhaseResolution": 1,
  "PixelBandwidth": 1430,
  "ProcedureStepDescription": "J.DRM_Michael",
  "ProtocolName": "gre_field_mapping",
  "PulseSequenceDetails": "%SiemensSeq%_gre_field_mapping",
  "ReceiveCoilActiveElements": "HC1-7;NC1",
  "ReceiveCoilName": "HeadNeck_64",
  "ReconMatrixPE": 106,
  "RepetitionTime": 0.627,
  "SAR": 0.162222,
  "ScanningSequence": "GR",
  "SequenceName": "_fm2d2r",
  "SequenceVariant": "SP",
  "SeriesDescription": "gre_field_mapping",
  "SeriesNumber": 13,
  "ShimSetting": [-1245, -11664, 6444, 603, 125, 42, 123, 70],
  "SliceThickness": 2,
  "SoftwareVersions": "syngo_MR_E11",
  "SpacingBetweenSlices": 2,
  "StationName": "AWP66054",
  "TxRefAmp": 274.915,
  "dcmmeta_affine": [
    [-2.0259487628936768, -0.04243764281272888, 0.08674502372741699, 105.44429016113281],
    [-0.07503858953714371, 1.8456933498382568, -0.8260421752929688, -65.7459945678711],
    [0.06252481788396835, 0.8400142192840576, 1.8193740844726562, -93.44312286376953],
    [0.0, 0.0, 0.0, 1.0]
],
  "dcmmeta_reorient_transform": [
    [0.0, -1.0, 0.0, 105.0],
    [1.0, 0.0, 0.0, 0.0],
    [0.0, 0.0, -1.0, 63.0],
    [0.0, 0.0, 0.0, 1.0]
],
  "dcmmeta_shape": [106, 106, 64],
  "dcmmeta_slice_dim": 2,
  "dcmmeta_version": 0.6,
  "global": {
    "const": {
      "AccessionNumber": "",
      "AcquisitionMatrix": [106, 0, 0, 106],
      "AcquisitionNumber": 1,
      "AngioFlag": "N",
      "BitsAllocated": 16,
      "BitsStored": 12,
      "BodyPartExamined": "BRAIN",
      "Columns": 106,
      "EchoNumbers": 2,
      "EchoTime": 7.65,
      "EchoTrainLength": 0,
      "FlipAngle": 60.0,
      "HighBit": 11,
      "ImageOrientationPatient": [0.99883985658735, 0.0369957691015, 0.03082618953337, -0.0209227441838, 0.90996972521468, -0.4141465175135],
      "ImageType": [
        "ORIGINAL",
        "PRIMARY",
        "P",
        "ND"
],
      "ImagedNucleus": "1H",
      "ImagingFrequency": 123.25741,
      "InPlanePhaseEncodingDirection": "COL",
      "MRAcquisitionType": "2D",
      "MagneticFieldStrength": 3.0,
      "Manufacturer": "SIEMENS",
      "ManufacturerModelName": "Prisma",
      "Modality": "MR",
      "NumberOfAverages": 1.0,
      "NumberOfPhaseEncodingSteps": 106,
      "PercentPhaseFieldOfView": 100.0,
      "PercentSampling": 100.0,
      "PerformedProcedureStepStartTime": "110853.972000",
      "PhotometricInterpretation": "MONOCHROME2",
      "PixelBandwidth": 1430.0,
      "PixelRepresentation": 0,
      "PixelSpacing": [2.0283019542694, 2.0283019542694],
      "PositionReferenceIndicator": "",
      "ProtocolName": "gre_field_mapping",
      "RepetitionTime": 627.0,
      "RescaleIntercept": -4096.0,
      "RescaleSlope": 2.0,
      "RescaleType": "US",
      "Rows": 106,
      "SAR": 0.16222196537818,
      "SamplesPerPixel": 1,
      "ScanningSequence": "GR",
      "SequenceName": "*fm2d2r",
      "SequenceVariant": "SP",
      "SeriesDescription": "gre_field_mapping",
      "SeriesNumber": 13,
      "SeriesTime": "122427.329000",
      "SliceThickness": 2.0,
      "SoftwareVersions": "syngo MR E11",
      "SpacingBetweenSlices": 2.0,
      "SpecificCharacterSet": "ISO_IR 100",
      "StudyID": "1",
      "StudyTime": "110853.903000",
      "TransmitCoilName": "Body",
      "VariableFlipAngleFlag": "N",
      "WindowCenterWidthExplanation": "Algo1",
      "dBdt": 0.0},
