{
  "AcquisitionMatrixPE": 108,
  "AcquisitionNumber": 1,
  "AcquisitionTime": "14:24:45.515000",
  "BandwidthPerPixelPhaseEncode": 15.964,
  "BaseResolution": 108,
  "BodyPartExamined": "BRAIN",
  "ConsistencyInfo": "N4_VE11C_LATEST_20160120",
  "ConversionSoftware": "dcm2niix",
  "ConversionSoftwareVersion": "v1.0.20180622 GCC6.3.0",
  "DerivedVendorReportedEchoSpacing": 0.000580009,
  "DeviceSerialNumber": "66054",
  "DwellTime": 2.1e-06,
  "EchoTime": 0.031,
  "EchoTrainLength": 95,
  "EffectiveEchoSpacing": 0.000580009,
  "FlipAngle": 64,
  "ImageOrientationPatientDICOM": [0.995476, 0.0947812, -0.00667403, -0.0905954, 0.925642, -0.367396],
  "ImageType": [
    "ORIGINAL",
    "PRIMARY",
    "M",
    "ND",
    "MOSAIC"
],
  "InPlanePhaseEncodingDirectionDICOM": "COL",
  "InstitutionAddress": "Chemin_des_Mines_9_Geneve_District_CH_1211",
  "InstitutionName": "Fondation_Campus_Biotech_Geneva",
  "InstitutionalDepartmentName": "Department",
  "MRAcquisitionType": "2D",
  "MagneticFieldStrength": 3,
  "Manufacturer": "Siemens",
  "ManufacturersModelName": "Prisma",
  "Modality": "MR",
  "MultibandAccelerationFactor": 4,
  "PartialFourier": 0.875,
  "PatientPosition": "HFS",
  "PercentPhaseFOV": 100,
  "PhaseEncodingDirection": "j-",
  "PhaseEncodingSteps": 95,
  "PhaseResolution": 1,
  "PixelBandwidth": 2205,
  "ProcedureStepDescription": "J.DRM_Michael",
  "ProtocolName": "Run3_bold_s4_TR1.28",
  "PulseSequenceDetails": "%SiemensSeq%_ep2d_bold",
  "ReceiveCoilActiveElements": "HC1-7;NC1,2",
  "ReceiveCoilName": "HeadNeck_64",
  "ReconMatrixPE": 108,
  "RepetitionTime": 1.28,
  "SAR": 0.0779132,
  "ScanOptions": "PFP_FS",
  "ScanningSequence": "EP",
  "SequenceName": "_epfid2d1_108",
  "SequenceVariant": "SK",
  "SeriesDescription": "Run3_bold_s4_TR1.28",
  "SeriesNumber": 12,
  "ShimSetting": [-1245, -11681, 6462, 702, 131, -184, -135, 40],
  "SliceThickness": 2,
  "SliceTiming": [0.945, 0, 0.63, 0.0775, 0.7075, 0.1575, 0.7875, 0.235, 0.865, 0.3925, 1.0225, 0.4725, 1.1025, 0.55, 1.18, 0.315, 0.945, 0, 0.63, 0.0775, 0.7075, 0.1575, 0.7875, 0.235, 0.865, 0.3925, 1.0225, 0.4725, 1.1025, 0.55, 1.18, 0.315, 0.945, 0, 0.63, 0.0775, 0.7075, 0.1575, 0.7875, 0.235, 0.865, 0.3925, 1.0225, 0.4725, 1.1025, 0.55, 1.18, 0.315, 0.945, 0, 0.63, 0.0775, 0.7075, 0.1575, 0.7875, 0.235, 0.865, 0.3925, 1.0225, 0.4725, 1.1025, 0.55, 1.18, 0.315],
  "SoftwareVersions": "syngo_MR_E11",
  "SpacingBetweenSlices": 2,
  "StationName": "AWP66054",
  "TaskName": "main",
  "TotalReadoutTime": 0.0620609,
  "TxRefAmp": 283.57,
  "dcmmeta_affine": [
    [-1.9817341566085815, -0.1803518831729889, 0.05728902667760849, 110.31637573242188],
    [-0.18868489563465118, 1.8427125215530396, -0.7326774001121521, -52.56259536743164],
    [-0.013286272063851357, 0.7313907146453857, 1.8600810766220093, -103.27725219726562],
    [0.0, 0.0, 0.0, 1.0]
],
  "dcmmeta_reorient_transform": [
    [0.0, -1.0, 0.0, 107.0],
    [1.0, 0.0, 0.0, 0.0],
    [0.0, 0.0, 1.0, 0.0],
    [0.0, 0.0, 0.0, 1.0]
],
  "dcmmeta_shape": [108, 108, 64, 373],
  "dcmmeta_slice_dim": 2,
  "dcmmeta_version": 0.6,
  "global": {
    "const": {
      "AccessionNumber": "",
      "AcquisitionMatrix": [108, 0, 0, 108],
      "AngioFlag": "N",
      "BitsAllocated": 16,
      "BitsStored": 12,
      "BodyPartExamined": "BRAIN",
      "Columns": 864,
      "EchoNumbers": 1,
      "EchoTime": 31.0,
      "EchoTrainLength": 95,
      "FlipAngle": 64.0,
      "HighBit": 11,
      "ImageOrientationPatient": [0.99547575150306, 0.09478125043896, -0.0066740343603, -0.0905953642417, 0.92564164945166, -0.3673962666908],
      "ImagePositionPatient": [-771.94123025671, -912.4758951453, 256.46946180423],
      "ImageType": [
        "ORIGINAL",
        "PRIMARY",
        "M",
        "ND",
        "MOSAIC"
],
      "ImagedNucleus": "1H",
      "ImagingFrequency": 123.25737,
      "InPlanePhaseEncodingDirection": "COL",
      "MRAcquisitionType": "2D",
      "MagneticFieldStrength": 3.0,
      "Manufacturer": "SIEMENS",
      "ManufacturerModelName": "Prisma",
      "Modality": "MR",
      "NumberOfAverages": 1.0,
      "NumberOfPhaseEncodingSteps": 95,
      "PercentPhaseFieldOfView": 100.0,
      "PercentSampling": 100.0,
      "PerformedProcedureStepStartTime": "135150.676000",
      "PhotometricInterpretation": "MONOCHROME2",
      "PixelBandwidth": 2205.0,
      "PixelRepresentation": 0,
      "PixelSpacing": [1.990740776062, 1.990740776062],
      "PositionReferenceIndicator": "",
      "ProtocolName": "Run3_bold_s4_TR1.28",
      "RepetitionTime": 1280.0,
      "Rows": 864,
      "SAR": 0.07791316436441,
      "SamplesPerPixel": 1,
      "ScanOptions": [
        "PFP",
        "FS"
],
      "ScanningSequence": "EP",
      "SequenceName": "*epfid2d1_108",
      "SequenceVariant": "SK",
      "SeriesDescription": "Run3_bold_s4_TR1.28",
      "SeriesNumber": 12,
      "SeriesTime": "142512.154000",
      "SliceLocation": -73.636361075655,
      "SliceThickness": 2.0,
      "SmallestImagePixelValue": 0,
      "SoftwareVersions": "syngo MR E11",
      "SpacingBetweenSlices": 2.0000000164926,
      "SpecificCharacterSet": "ISO_IR 100",
      "StudyID": "1",
      "StudyTime": "135150.606000",
      "TransmitCoilName": "Body",
      "VariableFlipAngleFlag": "N",
      "WindowCenterWidthExplanation": "Algo1",
      "dBdt": 0.0},
