{
  "AcquisitionMatrixPE": 106,
  "AcquisitionNumber": 1,
  "AcquisitionTime": "15:20:5.162500",
  "BaseResolution": 106,
  "BodyPartExamined": "BRAIN",
  "ConsistencyInfo": "N4_VE11C_LATEST_20160120",
  "ConversionSoftware": "dcm2niix",
  "ConversionSoftwareVersion": "v1.0.20180622 GCC6.3.0",
  "DeviceSerialNumber": "66054",
  "DwellTime": 3.3e-06,
  "EchoNumber": 2,
  "EchoTime": 0.00765,
  "FlipAngle": 60,
  "ImageOrientationPatientDICOM": [0.99854, 0.0400721, -0.0362202, -0.0505839, 0.928913, -0.366826],
  "ImageType": [
    "ORIGINAL",
    "PRIMARY",
    "P",
    "ND"
],
  "InPlanePhaseEncodingDirectionDICOM": "COL",
  "InstitutionAddress": "Chemin_des_Mines_9_Geneve_District_CH_1211",
  "InstitutionName": "Fondation_Campus_Biotech_Geneva",
  "InstitutionalDepartmentName": "Department",
  "MRAcquisitionType": "2D",
  "MagneticFieldStrength": 3,
  "Manufacturer": "Siemens",
  "ManufacturersModelName": "Prisma",
  "Modality": "MR",
  "PartialFourier": 1,
  "PatientPosition": "HFS",
  "PercentPhaseFOV": 100,
  "PhaseEncodingDirection": "j-",
  "PhaseEncodingSteps": 106,
  "PhaseResolution": 1,
  "PixelBandwidth": 1430,
  "ProcedureStepDescription": "J.DRM_Michael",
  "ProtocolName": "gre_field_mapping",
  "PulseSequenceDetails": "%SiemensSeq%_gre_field_mapping",
  "ReceiveCoilActiveElements": "HC1-7;NC1",
  "ReceiveCoilName": "HeadNeck_64",
  "ReconMatrixPE": 106,
  "RepetitionTime": 0.627,
  "SAR": 0.205221,
  "ScanningSequence": "GR",
  "SequenceName": "_fm2d2r",
  "SequenceVariant": "SP",
  "SeriesDescription": "gre_field_mapping",
  "SeriesNumber": 13,
  "ShimSetting": [-1271, -11687, 6338, 504, 161, -95, -121, 74],
  "SliceThickness": 2,
  "SoftwareVersions": "syngo_MR_E11",
  "SpacingBetweenSlices": 2,
  "StationName": "AWP66054",
  "TxRefAmp": 254.311,
  "dcmmeta_affine": [
    [-2.0253407955169678, -0.10259939730167389, -0.03789210319519043, 111.71166229248047],
    [-0.08127836883068085, 1.8841170072555542, -0.7362461090087891, -68.21190643310547],
    [-0.07346552610397339, 0.7440332174301147, 1.8591690063476562, -80.77303314208984],
    [0.0, 0.0, 0.0, 1.0]
],
  "dcmmeta_reorient_transform": [
    [0.0, -1.0, 0.0, 105.0],
    [1.0, 0.0, 0.0, 0.0],
    [0.0, 0.0, -1.0, 63.0],
    [0.0, 0.0, 0.0, 1.0]
],
  "dcmmeta_shape": [106, 106, 64],
  "dcmmeta_slice_dim": 2,
  "dcmmeta_version": 0.6,
  "global": {
    "const": {
      "AccessionNumber": "",
      "AcquisitionMatrix": [106, 0, 0, 106],
      "AcquisitionNumber": 1,
      "AngioFlag": "N",
      "BitsAllocated": 16,
      "BitsStored": 12,
      "BodyPartExamined": "BRAIN",
      "Columns": 106,
      "EchoNumbers": 2,
      "EchoTime": 7.65,
      "EchoTrainLength": 0,
      "FlipAngle": 60.0,
      "HighBit": 11,
      "ImageOrientationPatient": [0.99854009487002, 0.04007212444639, -0.0362202123037, -0.0505838868389, 0.92891344772033, -0.3668256766321],
      "ImageType": [
        "ORIGINAL",
        "PRIMARY",
        "P",
        "ND"
],
      "ImagedNucleus": "1H",
      "ImagingFrequency": 123.257515,
      "InPlanePhaseEncodingDirection": "COL",
      "MRAcquisitionType": "2D",
      "MagneticFieldStrength": 3.0,
      "Manufacturer": "SIEMENS",
      "ManufacturerModelName": "Prisma",
      "Modality": "MR",
      "NumberOfAverages": 1.0,
      "NumberOfPhaseEncodingSteps": 106,
      "PercentPhaseFieldOfView": 100.0,
      "PercentSampling": 100.0,
      "PerformedProcedureStepStartTime": "141638.689000",
      "PhotometricInterpretation": "MONOCHROME2",
      "PixelBandwidth": 1430.0,
      "PixelRepresentation": 0,
      "PixelSpacing": [2.0283019542694, 2.0283019542694],
      "PositionReferenceIndicator": "",
      "ProtocolName": "gre_field_mapping",
      "RepetitionTime": 627.0,
      "RescaleIntercept": -4096.0,
      "RescaleSlope": 2.0,
      "RescaleType": "US",
      "Rows": 106,
      "SAR": 0.2052212433325,
      "SamplesPerPixel": 1,
      "ScanningSequence": "GR",
      "SequenceName": "*fm2d2r",
      "SequenceVariant": "SP",
      "SeriesDescription": "gre_field_mapping",
      "SeriesNumber": 13,
      "SeriesTime": "152234.947000",
      "SliceThickness": 2.0,
      "SoftwareVersions": "syngo MR E11",
      "SpacingBetweenSlices": 2.0,
      "SpecificCharacterSet": "ISO_IR 100",
      "StudyID": "1",
      "StudyTime": "141638.630000",
      "TransmitCoilName": "Body",
      "VariableFlipAngleFlag": "N",
      "WindowCenterWidthExplanation": "Algo1",
      "dBdt": 0.0},
