{
  "AcquisitionMatrixPE": 108,
  "AcquisitionNumber": 1,
  "AcquisitionTime": "11:45:42.707500",
  "BandwidthPerPixelPhaseEncode": 15.964,
  "BaseResolution": 108,
  "BodyPartExamined": "BRAIN",
  "ConsistencyInfo": "N4_VE11C_LATEST_20160120",
  "ConversionSoftware": "dcm2niix",
  "ConversionSoftwareVersion": "v1.0.20180622 GCC6.3.0",
  "DerivedVendorReportedEchoSpacing": 0.000580009,
  "DeviceSerialNumber": "66054",
  "DwellTime": 2.1e-06,
  "EchoTime": 0.031,
  "EchoTrainLength": 95,
  "EffectiveEchoSpacing": 0.000580009,
  "FlipAngle": 64,
  "ImageOrientationPatientDICOM": [0.989506, -0.142727, -0.0225135, 0.117991, 0.888094, -0.44426],
  "ImageType": [
    "ORIGINAL",
    "PRIMARY",
    "M",
    "ND",
    "MOSAIC"
],
  "InPlanePhaseEncodingDirectionDICOM": "COL",
  "InstitutionAddress": "Chemin_des_Mines_9_Geneve_District_CH_1211",
  "InstitutionName": "Fondation_Campus_Biotech_Geneva",
  "InstitutionalDepartmentName": "Department",
  "MRAcquisitionType": "2D",
  "MagneticFieldStrength": 3,
  "Manufacturer": "Siemens",
  "ManufacturersModelName": "Prisma",
  "Modality": "MR",
  "MultibandAccelerationFactor": 4,
  "PartialFourier": 0.875,
  "PatientPosition": "HFS",
  "PercentPhaseFOV": 100,
  "PhaseEncodingDirection": "j-",
  "PhaseEncodingSteps": 95,
  "PhaseResolution": 1,
  "PixelBandwidth": 2205,
  "ProcedureStepDescription": "J.DRM_Michael",
  "ProtocolName": "Run3_bold_s4_TR1.28",
  "PulseSequenceDetails": "%SiemensSeq%_ep2d_bold",
  "ReceiveCoilActiveElements": "HC1-7;NC1,2",
  "ReceiveCoilName": "HeadNeck_64",
  "ReconMatrixPE": 108,
  "RepetitionTime": 1.28,
  "SAR": 0.0752291,
  "ScanOptions": "PFP_FS",
  "ScanningSequence": "EP",
  "SequenceName": "_epfid2d1_108",
  "SequenceVariant": "SK",
  "SeriesDescription": "Run3_bold_s4_TR1.28",
  "SeriesNumber": 8,
  "ShimSetting": [-1259, -11646, 6460, 745, 111, 2, -55, 48],
  "SliceThickness": 2,
  "SliceTiming": [0.945, 0, 0.63, 0.0775, 0.7075, 0.1575, 0.7875, 0.235, 0.865, 0.3925, 1.0225, 0.4725, 1.1025, 0.55, 1.18, 0.315, 0.945, 0, 0.63, 0.0775, 0.7075, 0.1575, 0.7875, 0.235, 0.865, 0.3925, 1.0225, 0.4725, 1.1025, 0.55, 1.18, 0.315, 0.945, 0, 0.63, 0.0775, 0.7075, 0.1575, 0.7875, 0.235, 0.865, 0.3925, 1.0225, 0.4725, 1.1025, 0.55, 1.18, 0.315, 0.945, 0, 0.63, 0.0775, 0.7075, 0.1575, 0.7875, 0.235, 0.865, 0.3925, 1.0225, 0.4725, 1.1025, 0.55, 1.18, 0.315],
  "SoftwareVersions": "syngo_MR_E11",
  "SpacingBetweenSlices": 2,
  "StationName": "AWP66054",
  "TaskName": "main",
  "TotalReadoutTime": 0.0620609,
  "TxRefAmp": 254.456,
  "dcmmeta_affine": [
    [-1.969849944114685, 0.23489046096801758, -0.16680392622947693, 94.48980712890625],
    [0.28413262963294983, 1.767965316772461, -0.873882532119751, -72.71466827392578],
    [-0.0448184460401535, 0.8844059705734253, 1.7912302017211914, -88.05420684814453],
    [0.0, 0.0, 0.0, 1.0]
],
  "dcmmeta_reorient_transform": [
    [0.0, -1.0, 0.0, 107.0],
    [1.0, 0.0, 0.0, 0.0],
    [0.0, 0.0, 1.0, 0.0],
    [0.0, 0.0, 0.0, 1.0]
],
  "dcmmeta_shape": [108, 108, 64, 373],
  "dcmmeta_slice_dim": 2,
  "dcmmeta_version": 0.6,
  "global": {
    "const": {
      "AccessionNumber": "",
      "AcquisitionMatrix": [108, 0, 0, 108],
      "AngioFlag": "N",
      "BitsAllocated": 16,
      "BitsStored": 12,
      "BodyPartExamined": "BRAIN",
      "Columns": 864,
      "EchoNumbers": 1,
      "EchoTime": 31.0,
      "EchoTrainLength": 95,
      "FlipAngle": 64.0,
      "HighBit": 11,
      "ImageOrientationPatient": [0.98950599906398, -0.1427270902647, -0.0225134520004, 0.11799148349392, 0.88809419821577, -0.4442597268698],
      "ImagePositionPatient": [-953.01495915909, -677.34638217032, 357.82404983744],
      "ImageType": [
        "ORIGINAL",
        "PRIMARY",
        "M",
        "ND",
        "MOSAIC"
],
      "ImagedNucleus": "1H",
      "ImagingFrequency": 123.257428,
      "InPlanePhaseEncodingDirection": "COL",
      "MRAcquisitionType": "2D",
      "MagneticFieldStrength": 3.0,
      "Manufacturer": "SIEMENS",
      "ManufacturerModelName": "Prisma",
      "Modality": "MR",
      "NumberOfAverages": 1.0,
      "NumberOfPhaseEncodingSteps": 95,
      "PercentPhaseFieldOfView": 100.0,
      "PercentSampling": 100.0,
      "PerformedProcedureStepStartTime": "105649.622000",
      "PhotometricInterpretation": "MONOCHROME2",
      "PixelBandwidth": 2205.0,
      "PixelRepresentation": 0,
      "PixelSpacing": [1.990740776062, 1.990740776062],
      "PositionReferenceIndicator": "",
      "ProtocolName": "Run3_bold_s4_TR1.28",
      "RepetitionTime": 1280.0,
      "Rows": 864,
      "SAR": 0.07522911551108,
      "SamplesPerPixel": 1,
      "ScanOptions": [
        "PFP",
        "FS"
],
      "ScanningSequence": "EP",
      "SequenceName": "*epfid2d1_108",
      "SequenceVariant": "SK",
      "SeriesDescription": "Run3_bold_s4_TR1.28",
      "SeriesNumber": 8,
      "SeriesTime": "114621.038000",
      "SliceLocation": -54.971278900424,
      "SliceThickness": 2.0,
      "SmallestImagePixelValue": 0,
      "SoftwareVersions": "syngo MR E11",
      "SpacingBetweenSlices": 1.9999999918076,
      "SpecificCharacterSet": "ISO_IR 100",
      "StudyID": "1",
      "StudyTime": "105649.554000",
      "TransmitCoilName": "Body",
      "VariableFlipAngleFlag": "N",
      "WindowCenterWidthExplanation": "Algo1",
      "dBdt": 0.0},
