{
  "AcquisitionMatrixPE": 108,
  "AcquisitionNumber": 1,
  "AcquisitionTime": "15:04:55.700000",
  "BandwidthPerPixelPhaseEncode": 15.964,
  "BaseResolution": 108,
  "BodyPartExamined": "BRAIN",
  "ConsistencyInfo": "N4_VE11C_LATEST_20160120",
  "ConversionSoftware": "dcm2niix",
  "ConversionSoftwareVersion": "v1.0.20180622 GCC6.3.0",
  "DerivedVendorReportedEchoSpacing": 0.000580009,
  "DeviceSerialNumber": "66054",
  "DwellTime": 2.1e-06,
  "EchoTime": 0.031,
  "EchoTrainLength": 95,
  "EffectiveEchoSpacing": 0.000580009,
  "FlipAngle": 64,
  "ImageOrientationPatientDICOM": [0.99854, 0.0400721, -0.0362202, -0.0505839, 0.928913, -0.366826],
  "ImageType": [
    "ORIGINAL",
    "PRIMARY",
    "M",
    "ND",
    "MOSAIC"
],
  "InPlanePhaseEncodingDirectionDICOM": "COL",
  "InstitutionAddress": "Chemin_des_Mines_9_Geneve_District_CH_1211",
  "InstitutionName": "Fondation_Campus_Biotech_Geneva",
  "InstitutionalDepartmentName": "Department",
  "MRAcquisitionType": "2D",
  "MagneticFieldStrength": 3,
  "Manufacturer": "Siemens",
  "ManufacturersModelName": "Prisma",
  "Modality": "MR",
  "MultibandAccelerationFactor": 4,
  "PartialFourier": 0.875,
  "PatientPosition": "HFS",
  "PercentPhaseFOV": 100,
  "PhaseEncodingDirection": "j-",
  "PhaseEncodingSteps": 95,
  "PhaseResolution": 1,
  "PixelBandwidth": 2205,
  "ProcedureStepDescription": "J.DRM_Michael",
  "ProtocolName": "Rest_bold_s4_TR1.28",
  "PulseSequenceDetails": "%SiemensSeq%_ep2d_bold",
  "ReceiveCoilActiveElements": "HC1-7;NC1,2",
  "ReceiveCoilName": "HeadNeck_64",
  "ReconMatrixPE": 108,
  "RepetitionTime": 1.28,
  "SAR": 0.0933976,
  "ScanOptions": "PFP_FS",
  "ScanningSequence": "EP",
  "SequenceName": "_epfid2d1_108",
  "SequenceVariant": "SK",
  "SeriesDescription": "Rest_bold_s4_TR1.28",
  "SeriesNumber": 10,
  "ShimSetting": [-1271, -11688, 6340, 513, 160, -98, -120, 73],
  "SliceThickness": 2,
  "SliceTiming": [0.945, 0, 0.63, 0.0775, 0.7075, 0.1575, 0.7875, 0.235, 0.865, 0.3925, 1.0225, 0.4725, 1.1025, 0.55, 1.18, 0.315, 0.945, 0, 0.63, 0.0775, 0.7075, 0.1575, 0.7875, 0.235, 0.865, 0.3925, 1.0225, 0.4725, 1.1025, 0.55, 1.18, 0.315, 0.945, 0, 0.63, 0.0775, 0.7075, 0.1575, 0.7875, 0.235, 0.865, 0.3925, 1.0225, 0.4725, 1.1025, 0.55, 1.18, 0.315, 0.945, 0, 0.63, 0.0775, 0.7075, 0.1575, 0.7875, 0.235, 0.865, 0.3925, 1.0225, 0.4725, 1.1025, 0.55, 1.18, 0.315],
  "SoftwareVersions": "syngo_MR_E11",
  "SpacingBetweenSlices": 2,
  "StationName": "AWP66054",
  "TaskName": "rest",
  "TotalReadoutTime": 0.0620609,
  "TxRefAmp": 254.311,
  "dcmmeta_affine": [
    [-1.9878344535827637, -0.10069940984249115, -0.03789191693067551, 111.71354675292969],
    [-0.07977320998907089, 1.8492258787155151, -0.7362446188926697, -68.24689483642578],
    [-0.0721050500869751, 0.7302548289299011, 1.8591686487197876, -80.78678894042969],
    [0.0, 0.0, 0.0, 1.0]
],
  "dcmmeta_reorient_transform": [
    [0.0, -1.0, 0.0, 107.0],
    [1.0, 0.0, 0.0, 0.0],
    [0.0, 0.0, 1.0, 0.0],
    [0.0, 0.0, 0.0, 1.0]
],
  "dcmmeta_shape": [108, 108, 64, 250],
  "dcmmeta_slice_dim": 2,
  "dcmmeta_version": 0.6,
  "global": {
    "const": {
      "AccessionNumber": "",
      "AcquisitionMatrix": [108, 0, 0, 108],
      "AngioFlag": "N",
      "BitsAllocated": 16,
      "BitsStored": 12,
      "BodyPartExamined": "BRAIN",
      "Columns": 864,
      "EchoNumbers": 1,
      "EchoTime": 31.0,
      "EchoTrainLength": 95,
      "FlipAngle": 64.0,
      "HighBit": 11,
      "ImageOrientationPatient": [0.99854009487002, 0.04007212444639, -0.0362202123037, -0.0505838868389, 0.92891344772033, -0.3668256766321],
      "ImagePositionPatient": [-814.27577262283, -858.78193157122, 300.642515221],
      "ImageType": [
        "ORIGINAL",
        "PRIMARY",
        "M",
        "ND",
        "MOSAIC"
],
      "ImagedNucleus": "1H",
      "ImagingFrequency": 123.257511,
      "InPlanePhaseEncodingDirection": "COL",
      "MRAcquisitionType": "2D",
      "MagneticFieldStrength": 3.0,
      "Manufacturer": "SIEMENS",
      "ManufacturerModelName": "Prisma",
      "Modality": "MR",
      "NumberOfAverages": 1.0,
      "NumberOfPhaseEncodingSteps": 95,
      "PercentPhaseFieldOfView": 100.0,
      "PercentSampling": 100.0,
      "PerformedProcedureStepStartTime": "141638.689000",
      "PhotometricInterpretation": "MONOCHROME2",
      "PixelBandwidth": 2205.0,
      "PixelRepresentation": 0,
      "PixelSpacing": [1.990740776062, 1.990740776062],
      "PositionReferenceIndicator": "",
      "ProtocolName": "Rest_bold_s4_TR1.28",
      "RepetitionTime": 1280.0,
      "Rows": 864,
      "SAR": 0.09339758208029,
      "SamplesPerPixel": 1,
      "ScanOptions": [
        "PFP",
        "FS"
],
      "ScanningSequence": "EP",
      "SequenceName": "*epfid2d1_108",
      "SequenceVariant": "SK",
      "SeriesDescription": "Rest_bold_s4_TR1.28",
      "SeriesNumber": 10,
      "SeriesTime": "150540.415000",
      "SliceLocation": -52.091449003123,
      "SliceThickness": 2.0,
      "SmallestImagePixelValue": 0,
      "SoftwareVersions": "syngo MR E11",
      "SpacingBetweenSlices": 2.0000000430781,
      "SpecificCharacterSet": "ISO_IR 100",
      "StudyID": "1",
      "StudyTime": "141638.630000",
      "TransmitCoilName": "Body",
      "VariableFlipAngleFlag": "N",
      "WindowCenterWidthExplanation": "Algo1",
      "dBdt": 0.0},
