{
  "AcquisitionMatrixPE": 108,
  "AcquisitionNumber": 1,
  "AcquisitionTime": "11:02:23.645000",
  "BandwidthPerPixelPhaseEncode": 15.964,
  "BaseResolution": 108,
  "BodyPartExamined": "BRAIN",
  "ConsistencyInfo": "N4_VE11C_LATEST_20160120",
  "ConversionSoftware": "dcm2niix",
  "ConversionSoftwareVersion": "v1.0.20180622 GCC6.3.0",
  "DerivedVendorReportedEchoSpacing": 0.000580009,
  "DeviceSerialNumber": "66054",
  "DwellTime": 2.1e-06,
  "EchoTime": 0.031,
  "EchoTrainLength": 95,
  "EffectiveEchoSpacing": 0.000580009,
  "FlipAngle": 64,
  "ImageOrientationPatientDICOM": [0.999546, 0.0150042, -0.0261205, -0.0279199, 0.786986, -0.616339],
  "ImageType": [
    "ORIGINAL",
    "PRIMARY",
    "M",
    "ND",
    "MOSAIC"
],
  "InPlanePhaseEncodingDirectionDICOM": "COL",
  "InstitutionAddress": "Chemin_des_Mines_9_Geneve_District_CH_1211",
  "InstitutionName": "Fondation_Campus_Biotech_Geneva",
  "InstitutionalDepartmentName": "Department",
  "MRAcquisitionType": "2D",
  "MagneticFieldStrength": 3,
  "Manufacturer": "Siemens",
  "ManufacturersModelName": "Prisma",
  "Modality": "MR",
  "MultibandAccelerationFactor": 4,
  "PartialFourier": 0.875,
  "PatientPosition": "HFS",
  "PercentPhaseFOV": 100,
  "PhaseEncodingDirection": "j-",
  "PhaseEncodingSteps": 95,
  "PhaseResolution": 1,
  "PixelBandwidth": 2205,
  "ProcedureStepDescription": "J.DRM_Michael",
  "ProtocolName": "Run1_bold_s4_TR1.28",
  "PulseSequenceDetails": "%SiemensSeq%_ep2d_bold",
  "ReceiveCoilActiveElements": "HC1-7;NC1,2",
  "ReceiveCoilName": "HeadNeck_64",
  "ReconMatrixPE": 108,
  "RepetitionTime": 1.28,
  "SAR": 0.0717685,
  "ScanOptions": "PFP_FS",
  "ScanningSequence": "EP",
  "SequenceName": "_epfid2d1_108",
  "SequenceVariant": "SK",
  "SeriesDescription": "Run1_bold_s4_TR1.28",
  "SeriesNumber": 5,
  "ShimSetting": [-1253, -11645, 6433, 703, 214, 6, 154, 69],
  "SliceThickness": 2,
  "SliceTiming": [0.945, 0, 0.63, 0.0775, 0.7075, 0.1575, 0.7875, 0.235, 0.865, 0.3925, 1.0225, 0.4725, 1.1025, 0.55, 1.18, 0.315, 0.945, 0, 0.63, 0.0775, 0.7075, 0.1575, 0.7875, 0.235, 0.865, 0.3925, 1.0225, 0.4725, 1.1025, 0.55, 1.18, 0.315, 0.945, 0, 0.63, 0.0775, 0.7075, 0.1575, 0.7875, 0.235, 0.865, 0.3925, 1.0225, 0.4725, 1.1025, 0.55, 1.18, 0.315, 0.945, 0, 0.63, 0.0775, 0.7075, 0.1575, 0.7875, 0.235, 0.865, 0.3925, 1.0225, 0.4725, 1.1025, 0.55, 1.18, 0.315],
  "SoftwareVersions": "syngo_MR_E11",
  "SpacingBetweenSlices": 2,
  "StationName": "AWP66054",
  "TaskName": "main",
  "TotalReadoutTime": 0.0620609,
  "TxRefAmp": 252.019,
  "dcmmeta_affine": [
    [-1.989837408065796, -0.05558120086789131, -0.022617608308792114, 108.08765411376953],
    [-0.029869504272937775, 1.566685438156128, -1.2335762977600098, -52.76380157470703],
    [-0.05199916288256645, 1.2269703149795532, 1.5740959644317627, -97.34101104736328],
    [0.0, 0.0, 0.0, 1.0]
],
  "dcmmeta_reorient_transform": [
    [0.0, -1.0, 0.0, 107.0],
    [1.0, 0.0, 0.0, 0.0],
    [0.0, 0.0, 1.0, 0.0],
    [0.0, 0.0, 0.0, 1.0]
],
  "dcmmeta_shape": [108, 108, 64, 373],
  "dcmmeta_slice_dim": 2,
  "dcmmeta_version": 0.6,
  "global": {
    "const": {
      "AccessionNumber": "",
      "AcquisitionMatrix": [108, 0, 0, 108],
      "AngioFlag": "N",
      "BitsAllocated": 16,
      "BitsStored": 12,
      "BodyPartExamined": "BRAIN",
      "Columns": 864,
      "EchoNumbers": 1,
      "EchoTime": 31.0,
      "EchoTrainLength": 95,
      "FlipAngle": 64.0,
      "HighBit": 11,
      "ImageOrientationPatient": [0.99954619326915, 0.01500421553618, -0.0261205098973, -0.0279198582648, 0.78698617810951, -0.6163385733337],
      "ImagePositionPatient": [-833.28929217343, -718.36932447264, 517.39528402832],
      "ImageType": [
        "ORIGINAL",
        "PRIMARY",
        "M",
        "ND",
        "MOSAIC"
],
      "ImagedNucleus": "1H",
      "ImagingFrequency": 123.257392,
      "InPlanePhaseEncodingDirection": "COL",
      "MRAcquisitionType": "2D",
      "MagneticFieldStrength": 3.0,
      "Manufacturer": "SIEMENS",
      "ManufacturerModelName": "Prisma",
      "Modality": "MR",
      "NumberOfAverages": 1.0,
      "NumberOfPhaseEncodingSteps": 95,
      "PercentPhaseFieldOfView": 100.0,
      "PercentSampling": 100.0,
      "PerformedProcedureStepStartTime": "105513.447000",
      "PhotometricInterpretation": "MONOCHROME2",
      "PixelBandwidth": 2205.0,
      "PixelRepresentation": 0,
      "PixelSpacing": [1.990740776062, 1.990740776062],
      "PositionReferenceIndicator": "",
      "ProtocolName": "Run1_bold_s4_TR1.28",
      "RepetitionTime": 1280.0,
      "Rows": 864,
      "SAR": 0.07176850265843,
      "SamplesPerPixel": 1,
      "ScanOptions": [
        "PFP",
        "FS"
],
      "ScanningSequence": "EP",
      "SequenceName": "*epfid2d1_108",
      "SequenceVariant": "SK",
      "SeriesDescription": "Run1_bold_s4_TR1.28",
      "SeriesNumber": 5,
      "SeriesTime": "110257.137000",
      "SliceLocation": -45.290295829993,
      "SliceThickness": 2.0,
      "SmallestImagePixelValue": 0,
      "SoftwareVersions": "syngo MR E11",
      "SpacingBetweenSlices": 2.0000000504576,
      "SpecificCharacterSet": "ISO_IR 100",
      "StudyID": "1",
      "StudyTime": "105513.295000",
      "TransmitCoilName": "Body",
      "VariableFlipAngleFlag": "N",
      "WindowCenterWidthExplanation": "Algo1",
      "dBdt": 0.0},
