{
  "AcquisitionMatrixPE": 106,
  "AcquisitionNumber": 1,
  "AcquisitionTime": "11:40:16.827500",
  "BaseResolution": 106,
  "BodyPartExamined": "BRAIN",
  "ConsistencyInfo": "N4_VE11C_LATEST_20160120",
  "ConversionSoftware": "dcm2niix",
  "ConversionSoftwareVersion": "v1.0.20180622 GCC6.3.0",
  "DeviceSerialNumber": "66054",
  "DwellTime": 3.3e-06,
  "EchoNumber": 2,
  "EchoTime": 0.00765,
  "FlipAngle": 60,
  "ImageOrientationPatientDICOM": [
    0.99801,
    0.0628264,
    -0.00533532,
    -0.061041,
    0.941503,
    -0.331431
  ],
  "ImageType": [
    "ORIGINAL",
    "PRIMARY",
    "M",
    "ND"
  ],
  "InPlanePhaseEncodingDirectionDICOM": "COL",
  "InstitutionAddress": "Chemin_des_Mines_9_Geneve_District_CH_1211",
  "InstitutionName": "Fondation_Campus_Biotech_Geneva",
  "InstitutionalDepartmentName": "Department",
  "MRAcquisitionType": "2D",
  "MagneticFieldStrength": 3,
  "Manufacturer": "Siemens",
  "ManufacturersModelName": "Prisma",
  "Modality": "MR",
  "PartialFourier": 1,
  "PatientPosition": "HFS",
  "PercentPhaseFOV": 100,
  "PhaseEncodingDirection": "j-",
  "PhaseEncodingSteps": 106,
  "PhaseResolution": 1,
  "PixelBandwidth": 1430,
  "ProcedureStepDescription": "J.DRM_Michael",
  "ProtocolName": "gre_field_mapping",
  "PulseSequenceDetails": "%SiemensSeq%_gre_field_mapping",
  "ReceiveCoilActiveElements": "HC1-7;NC1",
  "ReceiveCoilName": "HeadNeck_64",
  "ReconMatrixPE": 106,
  "RepetitionTime": 0.627,
  "SAR": 0.167898,
  "ScanningSequence": "GR",
  "SequenceName": "_fm2d2r",
  "SequenceVariant": "SP",
  "SeriesDescription": "gre_field_mapping",
  "SeriesNumber": 8,
  "ShimSetting": [
    -1243,
    -11700,
    6307,
    607,
    220,
    -409,
    321,
    5
  ],
  "SliceThickness": 2,
  "SoftwareVersions": "syngo_MR_E11",
  "SpacingBetweenSlices": 2,
  "StationName": "AWP66054",
  "TxRefAmp": 254.784
}